PATH
  remote: .
  specs:
    natalia (0.1.0)
      nokogiri

GEM
  remote: https://rubygems.org/
  specs:
    nokogiri (1.14.3-arm64-darwin)
      racc (~> 1.4)
    racc (1.6.2)
    rake (13.0.6)

PLATFORMS
  arm64-darwin-22

DEPENDENCIES
  natalia!
  rake (~> 13.0)

BUNDLED WITH
   2.4.12
